GEM
  remote: https://rubygems.org/
  specs:
    activesupport (5.1.2)
      concurrent-ruby (~> 1.0, >= 1.0.2)
      i18n (~> 0.7)
      minitest (~> 5.1)
      tzinfo (~> 1.1)
    addressable (2.5.1)
      public_suffix (~> 2.0, >= 2.0.2)
    airbrake (6.2.1)
      airbrake-ruby (~> 2.3, >= 2.3.1)
    airbrake-ruby (2.3.2)
    backports (3.8.0)
    better_errors (2.1.1)
      coderay (>= 1.0.0)
      erubis (>= 2.6.6)
      rack (>= 0.9.0)
    binding_of_caller (0.7.2)
      debug_inspector (>= 0.0.1)
    clogger (2.2.0)
      rack (>= 1.0, < 3.0)
    coderay (1.1.1)
    concurrent-ruby (1.0.5)
    debug_inspector (0.0.3)
    dotenv (2.2.1)
    erubis (2.7.0)
    faraday (0.12.2)
      multipart-post (>= 1.2, < 3)
    faraday_middleware (0.12.0)
      faraday (>= 0.7.4, < 1.0)
    feedjira (2.1.2)
      faraday (>= 0.9)
      faraday_middleware (>= 0.9)
      loofah (>= 2.0)
      sax-machine (>= 1.0)
    github-release-party (0.1.1)
      httparty (~> 0.13)
    heroku-env (0.1.4)
    httparty (0.15.6)
      multi_xml (>= 0.5.2)
    i18n (0.8.6)
    loofah (2.0.3)
      nokogiri (>= 1.5.9)
    method_source (0.8.2)
    mini_portile2 (2.2.0)
    minitest (5.10.3)
    multi_json (1.12.1)
    multi_xml (0.6.0)
    multipart-post (2.0.0)
    mustermann (1.0.0)
    newrelic_rpm (4.3.0.335)
    nokogiri (1.8.0)
      mini_portile2 (~> 2.2.0)
    opengraph_parser (0.2.3)
      addressable
      nokogiri
    powder (0.3.2)
      thor (>= 0.11.5)
    pry (0.10.4)
      coderay (~> 1.1.0)
      method_source (~> 0.8.1)
      slop (~> 3.4)
    pry-remote (0.1.8)
      pry (~> 0.9)
      slop (~> 3.0)
    public_suffix (2.0.5)
    puma (3.9.1)
    rack (2.0.3)
    rack-protection (2.0.0)
      rack
    rack-ssl-enforcer (0.2.9)
    rake (12.0.0)
    redis (3.3.3)
    redis-namespace (1.5.3)
      redis (~> 3.0, >= 3.0.4)
    sax-machine (1.3.2)
    secure_headers (3.6.7)
      useragent
    sinatra (2.0.0)
      mustermann (~> 1.0)
      rack (~> 2.0)
      rack-protection (= 2.0.0)
      tilt (~> 2.0)
    sinatra-contrib (2.0.0)
      backports (>= 2.0)
      multi_json
      mustermann (~> 1.0)
      rack-protection (= 2.0.0)
      sinatra (= 2.0.0)
      tilt (>= 1.3, < 3)
    sinatra-reloader (1.0)
      sinatra-contrib
    slop (3.6.0)
    thor (0.19.4)
    thread_safe (0.3.6)
    tilt (2.0.8)
    tzinfo (1.2.3)
      thread_safe (~> 0.1)
    useragent (0.16.8)

PLATFORMS
  ruby

DEPENDENCIES
  activesupport
  addressable
  airbrake
  better_errors
  binding_of_caller
  bundler
  clogger
  dotenv
  feedjira
  github-release-party
  heroku-env
  httparty
  newrelic_rpm
  nokogiri
  opengraph_parser
  powder
  pry-remote
  puma
  rack
  rack-ssl-enforcer
  rake
  redis
  redis-namespace
  secure_headers
  sinatra
  sinatra-reloader

RUBY VERSION
   ruby 2.4.1p111

BUNDLED WITH
   1.15.1
