GEM
  remote: https://rubygems.org/
  specs:
    addressable (2.7.0)
      public_suffix (>= 2.0.2, < 5.0)
    airbrake (9.4.4)
      airbrake-ruby (~> 4.6)
    airbrake-ruby (4.6.0)
      rbtree3 (~> 0.5)
    backports (3.15.0)
    coderay (1.1.2)
    concurrent-ruby (1.1.5)
    crass (1.0.4)
    dotenv (2.7.5)
    feedjira (3.0.0)
      loofah (>= 2.2.1)
      sax-machine (>= 1.0)
    github-release-party (0.3.3)
      addressable (~> 2)
      rake (>= 12)
    heroku-env (0.1.4)
    irb (1.0.0)
    loofah (2.3.0)
      crass (~> 1.0.2)
      nokogiri (>= 1.5.9)
    method_source (0.9.2)
    mini_portile2 (2.4.0)
    multi_json (1.13.1)
    mustermann (1.0.3)
    newrelic_rpm (6.6.0.358)
    nio4r (2.5.2)
    nokogiri (1.10.4)
      mini_portile2 (~> 2.4.0)
    opengraph_parser (0.2.3)
      addressable
      nokogiri
    powder (0.4.0)
      thor (>= 0.11.5)
    prometheus-client (0.9.0)
      quantile (~> 0.2.1)
    pry (0.12.2)
      coderay (~> 1.1.0)
      method_source (~> 0.9.0)
    pry-remote (0.1.8)
      pry (~> 0.9)
      slop (~> 3.0)
    public_suffix (4.0.1)
    puma (4.1.0)
      nio4r (~> 2.0)
    quantile (0.2.1)
    rack (2.0.7)
    rack-protection (2.0.7)
      rack
    rack-ssl-enforcer (0.2.9)
    rake (13.0.0)
    rbtree3 (0.5.0)
    redis (4.1.3)
    redis-namespace (1.6.0)
      redis (>= 3.0.4)
    sax-machine (1.3.2)
    secure_headers (6.1.1)
    sinatra (2.0.7)
      mustermann (~> 1.0)
      rack (~> 2.0)
      rack-protection (= 2.0.7)
      tilt (~> 2.0)
    sinatra-contrib (2.0.7)
      backports (>= 2.8.2)
      multi_json
      mustermann (~> 1.0)
      rack-protection (= 2.0.7)
      sinatra (= 2.0.7)
      tilt (~> 2.0)
    slop (3.6.0)
    thor (0.20.3)
    tilt (2.0.10)
    tzinfo (2.0.0)
      concurrent-ruby (~> 1.0)
    yajl-ruby (1.4.1)

PLATFORMS
  ruby

DEPENDENCIES
  addressable
  airbrake
  dotenv
  feedjira
  github-release-party
  heroku-env
  irb
  newrelic_rpm
  nokogiri
  opengraph_parser
  powder
  prometheus-client
  pry-remote
  puma
  rack
  rack-ssl-enforcer
  rake
  redis
  redis-namespace
  secure_headers
  sinatra
  sinatra-contrib
  tzinfo
  yajl-ruby

RUBY VERSION
   ruby 2.6.5p114

BUNDLED WITH
   1.17.2
