GEM
  remote: https://rubygems.org/
  specs:
    activesupport (5.1.5)
      concurrent-ruby (~> 1.0, >= 1.0.2)
      i18n (~> 0.7)
      minitest (~> 5.1)
      tzinfo (~> 1.1)
    addressable (2.5.2)
      public_suffix (>= 2.0.2, < 4.0)
    airbrake (7.2.1)
      airbrake-ruby (~> 2.5)
    airbrake-ruby (2.8.3)
    backports (3.11.1)
    better_errors (2.4.0)
      coderay (>= 1.0.0)
      erubi (>= 1.0.0)
      rack (>= 0.9.0)
    binding_of_caller (0.8.0)
      debug_inspector (>= 0.0.1)
    clogger (2.2.0)
      rack (>= 1.0, < 3.0)
    coderay (1.1.2)
    concurrent-ruby (1.0.5)
    crass (1.0.3)
    debug_inspector (0.0.3)
    dotenv (2.2.1)
    erubi (1.7.1)
    faraday (0.14.0)
      multipart-post (>= 1.2, < 3)
    faraday_middleware (0.12.2)
      faraday (>= 0.7.4, < 1.0)
    feedjira (2.1.4)
      faraday (>= 0.9)
      faraday_middleware (>= 0.9)
      loofah (>= 2.0)
      sax-machine (>= 1.0)
    github-release-party (0.2.3)
      addressable (~> 2)
      rake (~> 12)
    heroku-env (0.1.4)
    i18n (0.9.5)
      concurrent-ruby (~> 1.0)
    loofah (2.2.2)
      crass (~> 1.0.2)
      nokogiri (>= 1.5.9)
    method_source (0.9.0)
    mini_portile2 (2.3.0)
    minitest (5.11.3)
    multi_json (1.13.1)
    multipart-post (2.0.0)
    mustermann (1.0.2)
    newrelic_rpm (4.8.0.341)
    nokogiri (1.8.2)
      mini_portile2 (~> 2.3.0)
    opengraph_parser (0.2.3)
      addressable
      nokogiri
    powder (0.4.0)
      thor (>= 0.11.5)
    pry (0.11.3)
      coderay (~> 1.1.0)
      method_source (~> 0.9.0)
    pry-remote (0.1.8)
      pry (~> 0.9)
      slop (~> 3.0)
    public_suffix (3.0.2)
    puma (3.11.3)
    rack (2.0.4)
    rack-protection (2.0.1)
      rack
    rack-ssl-enforcer (0.2.9)
    rake (12.3.1)
    redis (4.0.1)
    redis-namespace (1.6.0)
      redis (>= 3.0.4)
    sax-machine (1.3.2)
    secure_headers (5.0.5)
      useragent (>= 0.15.0)
    sinatra (2.0.1)
      mustermann (~> 1.0)
      rack (~> 2.0)
      rack-protection (= 2.0.1)
      tilt (~> 2.0)
    sinatra-contrib (2.0.1)
      backports (>= 2.0)
      multi_json
      mustermann (~> 1.0)
      rack-protection (= 2.0.1)
      sinatra (= 2.0.1)
      tilt (>= 1.3, < 3)
    sinatra-reloader (1.0)
      sinatra-contrib
    slop (3.6.0)
    thor (0.20.0)
    thread_safe (0.3.6)
    tilt (2.0.8)
    tzinfo (1.2.5)
      thread_safe (~> 0.1)
    useragent (0.16.10)
    yajl-ruby (1.3.1)

PLATFORMS
  ruby

DEPENDENCIES
  activesupport
  addressable
  airbrake
  better_errors
  binding_of_caller
  clogger
  dotenv
  feedjira
  github-release-party
  heroku-env
  newrelic_rpm
  nokogiri
  opengraph_parser
  powder
  pry-remote
  puma
  rack
  rack-ssl-enforcer
  rake
  redis
  redis-namespace
  secure_headers
  sinatra
  sinatra-reloader
  yajl-ruby

RUBY VERSION
   ruby 2.5.0p0

BUNDLED WITH
   1.16.1
